GEM
  remote: http://rubygems.org/
  specs:
    addressable (2.3.4)
    daemons (1.1.9)
    domainatrix (0.0.11)
      addressable
    eventmachine (1.0.3)
    foreman (0.61.0)
      thor (>= 0.13.6)
    maruku (0.6.1)
      syntax (>= 1.0.0)
    mime-types (1.23)
    public_suffix (1.3.0)
    rack (1.5.2)
    rack-auto-session-domain (0.1.1)
      domainatrix (>= 0.0.11)
    rack-protection (1.5.0)
      rack
    rake (10.0.4)
    rest-client (1.6.7)
      mime-types (>= 1.16)
    restpack_core_client (0.2.4)
      rest-client (~> 1.6.7)
      yajl-ruby (~> 1.1.0)
    restpack_web (0.2.19)
      public_suffix (~> 1.3.0)
      rack-auto-session-domain (~> 0.1.1)
      restpack_core_client (~> 0.2.4)
      yajl-ruby (~> 1.1.0)
    sinatra (1.4.2)
      rack (~> 1.5, >= 1.5.2)
      rack-protection (~> 1.4)
      tilt (~> 1.3, >= 1.3.4)
    syntax (1.0.0)
    thin (1.5.1)
      daemons (>= 1.0.9)
      eventmachine (>= 0.12.6)
      rack (>= 1.0.0)
    thor (0.18.1)
    tilt (1.4.1)
    yajl-ruby (1.1.0)

PLATFORMS
  ruby

DEPENDENCIES
  foreman (~> 0.61.0)
  maruku
  rake (~> 10.0.3)
  restpack_web (~> 0.2.19)
  sinatra
  thin
